GEM
  remote: http://rubygems.org/
  specs:
    activemodel (4.0.13)
      activesupport (= 4.0.13)
      builder (~> 3.1.0)
    activerecord (4.0.13)
      activemodel (= 4.0.13)
      activerecord-deprecated_finders (~> 1.0.2)
      activesupport (= 4.0.13)
      arel (~> 4.0.0)
    activerecord-deprecated_finders (1.0.3)
    activesupport (4.0.13)
      i18n (~> 0.6, >= 0.6.9)
      minitest (~> 4.2)
      multi_json (~> 1.3)
      thread_safe (~> 0.1)
      tzinfo (~> 0.3.37)
    addressable (2.3.7)
    arel (4.0.2)
    builder (3.1.4)
    httparty (0.13.3)
      json (~> 1.8)
      multi_xml (>= 0.5.2)
    i18n (0.7.0)
    json (1.8.2)
    levenshtein (0.2.2)
    mime-types (1.25.1)
    mini_portile (0.6.0)
    minitest (4.7.5)
    multi_json (1.11.0)
    multi_xml (0.5.5)
    mysql2 (0.3.18)
    nokogiri (1.6.2.1)
      mini_portile (= 0.6.0)
    oauth (0.4.7)
    open_uri_redirections (0.1.4)
    public_suffix (1.4.6)
    rdoc (4.2.0)
    rest-client (1.6.8)
      mime-types (~> 1.16)
      rdoc (>= 2.4.2)
    thread_safe (0.3.5)
    tzinfo (0.3.43)
    unirest (1.1.2)
      addressable (~> 2.3.5)
      json (~> 1.8.1)
      rest-client (~> 1.6.7)

PLATFORMS
  ruby

DEPENDENCIES
  activerecord (~> 4.0.3)
  httparty (~> 0.13.0)
  json (~> 1.8.1)
  levenshtein (~> 0.2.2)
  mysql2 (~> 0.3.15)
  nokogiri (~> 1.6.2.1)
  oauth (~> 0.4.7)
  open_uri_redirections (~> 0.1.4)
  public_suffix (~> 1.4.4)
  unirest (~> 1.1.2)
